PATH
  remote: .
  specs:
    price_watch (0.1.0)

GEM
  remote: https://rubygems.org/
  specs:
    addressable (2.8.0)
      public_suffix (>= 2.0.2, < 5.0)
    ast (2.4.2)
    byebug (11.1.3)
    chronic (0.10.2)
    cliver (0.3.2)
    coderay (1.1.3)
    concurrent-ruby (1.1.9)
    ferrum (0.11)
      addressable (~> 2.5)
      cliver (~> 0.3)
      concurrent-ruby (~> 1.1)
      websocket-driver (>= 0.6, < 0.8)
    method_source (1.0.0)
    minitest (5.14.4)
    parallel (1.20.1)
    parser (3.0.1.1)
      ast (~> 2.4.1)
    pry (0.13.1)
      coderay (~> 1.1)
      method_source (~> 1.0)
    pry-byebug (3.9.0)
      byebug (~> 11.0)
      pry (~> 0.13.0)
    public_suffix (4.0.6)
    rainbow (3.0.0)
    rake (13.0.1)
    regexp_parser (2.1.1)
    rexml (3.2.5)
    ripper-tags (0.9.0)
    rubocop (1.17.0)
      parallel (~> 1.10)
      parser (>= 3.0.0.0)
      rainbow (>= 2.2.2, < 4.0)
      regexp_parser (>= 1.8, < 3.0)
      rexml
      rubocop-ast (>= 1.7.0, < 2.0)
      ruby-progressbar (~> 1.7)
      unicode-display_width (>= 1.4.0, < 3.0)
    rubocop-ast (1.7.0)
      parser (>= 3.0.1.1)
    rubocop-minitest (0.14.0)
      rubocop (>= 0.90, < 2.0)
    rubocop-rake (0.6.0)
      rubocop (~> 1.0)
    ruby-dbus (0.16.0)
    ruby-progressbar (1.11.0)
    sqlite3 (1.4.2)
    thor (1.0.1)
    unicode-display_width (1.7.0)
    websocket-driver (0.7.5)
      websocket-extensions (>= 0.1.0)
    websocket-extensions (0.1.5)
    whenever (1.0.0)
      chronic (>= 0.6.3)

PLATFORMS
  x86_64-linux

DEPENDENCIES
  ferrum (~> 0.11)
  minitest (~> 5.0)
  price_watch!
  pry-byebug (~> 3.9)
  rake (~> 13.0)
  ripper-tags (~> 0.9)
  rubocop (~> 1.7)
  rubocop-minitest (~> 0.14)
  rubocop-rake (~> 0.6)
  ruby-dbus (~> 0.16)
  sqlite3 (~> 1.4)
  thor (~> 1.0)
  whenever (~> 1.0)

BUNDLED WITH
   2.2.23
